GEM
  remote: https://rubygems.org/
  specs:
    sqlite3 (1.3.11)

PLATFORMS
  ruby

DEPENDENCIES
  sqlite3
